GEM
  remote: https://rubygems.org/
  specs:
    addressable (2.7.0)
      public_suffix (>= 2.0.2, < 5.0)
    asciidoctor (2.0.10)
    cnccs (0.1.5)
    colorator (1.1.0)
    concurrent-ruby (1.1.5)
    em-websocket (0.5.1)
      eventmachine (>= 0.12.9)
      http_parser.rb (~> 0.6.0)
    eventmachine (1.2.7)
    faraday (0.17.0)
      multipart-post (>= 1.2, < 3)
    ffi (1.11.1)
    forwardable-extended (2.6.0)
    gb-agencies (0.0.6)
    http_parser.rb (0.6.0)
    i18n (0.9.5)
      concurrent-ruby (~> 1.0)
    isoics (0.1.8)
    jekyll (3.8.6)
      addressable (~> 2.4)
      colorator (~> 1.0)
      em-websocket (~> 0.5)
      i18n (~> 0.7)
      jekyll-sass-converter (~> 1.0)
      jekyll-watch (~> 2.0)
      kramdown (~> 1.14)
      liquid (~> 4.0)
      mercenary (~> 0.3.3)
      pathutil (~> 0.9)
      rouge (>= 1.7, < 4)
      safe_yaml (~> 1.0)
    jekyll-asciidoc (3.0.0)
      asciidoctor (>= 1.5.0)
      jekyll (>= 3.0.0)
    jekyll-data (1.1.0)
      jekyll (>= 3.3, < 5.0.0)
    jekyll-feed (0.12.1)
      jekyll (>= 3.7, < 5.0)
    jekyll-plugin-frontend-build (0.0.2)
      jekyll (~> 3.8)
    jekyll-sass-converter (1.5.2)
      sass (~> 3.4)
    jekyll-seo-tag (2.6.1)
      jekyll (>= 3.3, < 5.0)
    jekyll-theme-isotc211 (0.5.8)
      jekyll (~> 3.8)
      jekyll-data (~> 1.0)
      jekyll-seo-tag (~> 2.0)
      jekyll-theme-isotc211-helpers (~> 0.5.4)
    jekyll-theme-isotc211-helpers (0.5.4)
      jekyll (~> 3.8)
    jekyll-watch (2.2.1)
      listen (~> 3.0)
    kramdown (1.17.0)
    liquid (4.0.3)
    listen (3.2.0)
      rb-fsevent (~> 0.10, >= 0.10.3)
      rb-inotify (~> 0.9, >= 0.9.10)
    mercenary (0.3.6)
    mini_portile2 (2.4.0)
    multipart-post (2.1.1)
    nokogiri (1.10.4)
      mini_portile2 (~> 2.4.0)
    osgeo-termbase (0.0.3)
      relaton (~> 0.5)
    pathutil (0.16.2)
      forwardable-extended (~> 2.6)
    public_suffix (4.0.1)
    rb-fsevent (0.10.3)
    rb-inotify (0.10.0)
      ffi (~> 1.0)
    relaton (0.5.9)
      relaton-gb (~> 0.6.0)
      relaton-iec (~> 0.4.0)
      relaton-ietf (~> 0.6.0)
      relaton-iso (~> 0.6.0)
      relaton-itu (~> 0.3.0)
      relaton-nist (~> 0.3.0)
      relaton-ogc (~> 0.1.0)
    relaton-bib (0.3.11)
      addressable
      nokogiri
    relaton-gb (0.6.6)
      cnccs (~> 0.1.1)
      gb-agencies (~> 0.0.1)
      relaton-iso-bib (~> 0.3.0)
    relaton-iec (0.4.9)
      addressable
      relaton-iso-bib (~> 0.3.0)
    relaton-ietf (0.6.7)
      relaton-bib (~> 0.3.0)
    relaton-iso (0.6.8)
      relaton-iec (~> 0.4.0)
      relaton-iso-bib (~> 0.3.0)
    relaton-iso-bib (0.3.11)
      isoics (~> 0.1.6)
      relaton-bib (~> 0.3.0)
      ruby_deep_clone (~> 0.8.0)
    relaton-itu (0.3.6)
      relaton-iso-bib (~> 0.3.0)
    relaton-nist (0.3.7)
      relaton-bib (~> 0.3.0)
      rubyzip
    relaton-ogc (0.1.3)
      faraday
      relaton-iso-bib (~> 0.3.0)
    rouge (3.12.0)
    ruby_deep_clone (0.8.0)
    rubyzip (2.0.0)
    safe_yaml (1.0.5)
    sass (3.7.4)
      sass-listen (~> 4.0.0)
    sass-listen (4.0.0)
      rb-fsevent (~> 0.9, >= 0.9.4)
      rb-inotify (~> 0.9, >= 0.9.7)

PLATFORMS
  ruby

DEPENDENCIES
  jekyll (~> 3.8.5)
  jekyll-asciidoc
  jekyll-data
  jekyll-feed (~> 0.6)
  jekyll-plugin-frontend-build (~> 0.0.2)
  jekyll-theme-isotc211 (~> 0.5.8)
  jekyll-theme-isotc211-helpers (~> 0.5.4)
  osgeo-termbase
  tzinfo-data

BUNDLED WITH
   2.0.2
